PATH
  remote: .
  specs:
    clockpunch (0.0.1)
      coffee-script
      sass

GEM
  remote: https://rubygems.org/
  specs:
    coffee-script (2.2.0)
      coffee-script-source
      execjs
    coffee-script-source (1.6.2)
    execjs (1.4.0)
      multi_json (~> 1.0)
    multi_json (1.7.7)
    rake (10.1.0)
    sass (3.2.9)

PLATFORMS
  ruby

DEPENDENCIES
  bundler (~> 1.3)
  clockpunch!
  rake
